GEM
  remote: https://rubygems.org/
  specs:
    factual-api (1.3.17)
      json (~> 1.2, >= 1.2.0)
      oauth (~> 0.4.4, >= 0.4.4)
    hipchat (1.5.1)
      httparty
      mimemagic
    httparty (0.13.3)
      json (~> 1.8)
      multi_xml (>= 0.5.2)
    json (1.8.2)
    mime-types (2.4.3)
    mimemagic (0.3.0)
    multi_xml (0.5.5)
    netrc (0.10.2)
    oauth (0.4.7)
    rack (1.6.0)
    rack-protection (1.5.3)
      rack
    rest-client (1.7.2)
      mime-types (>= 1.16, < 3.0)
      netrc (~> 0.7)
    sinatra (1.4.6)
      rack (~> 1.4)
      rack-protection (~> 1.4)
      tilt (>= 1.3, < 3)
    tilt (1.4.1)

PLATFORMS
  ruby

DEPENDENCIES
  factual-api (~> 1.3.17)
  hipchat
  json
  rest-client
  sinatra

BUNDLED WITH
   1.10.5
